PATH
  remote: .
  specs:
    sneakers_pg (0.0.1)

GEM
  remote: http://rubygems.org/
  specs:

PLATFORMS
  ruby

DEPENDENCIES
  sneakers_pg!

BUNDLED WITH
   1.16.0
